PATH
  remote: .
  specs:
    puffin (0.0.0)

GEM
  remote: https://rubygems.org/
  specs:
    coderay (1.1.1)
    domain_name (0.5.20160826)
      unf (>= 0.0.5, < 1.0.0)
    http-cookie (1.0.2)
      domain_name (~> 0.5)
    metaclass (0.0.4)
    method_source (0.8.2)
    mime-types (3.1)
      mime-types-data (~> 3.2015)
    mime-types-data (3.2016.0521)
    mocha (0.13.3)
      metaclass (~> 0.0.1)
    netrc (0.11.0)
    power_assert (0.3.1)
    pry (0.10.4)
      coderay (~> 1.1.0)
      method_source (~> 0.8.1)
      slop (~> 3.4)
    rake (11.2.2)
    rest-client (2.0.0)
      http-cookie (>= 1.0.2, < 2.0)
      mime-types (>= 1.16, < 4.0)
      netrc (~> 0.8)
    shoulda-context (1.2.1)
    slop (3.6.0)
    test-unit (3.2.1)
      power_assert
    unf (0.1.4)
      unf_ext
    unf_ext (0.0.7.2)

PLATFORMS
  ruby

DEPENDENCIES
  mime-types
  mocha (~> 0.13.2)
  pry
  puffin!
  rake
  rest-client
  shoulda-context
  test-unit

BUNDLED WITH
   1.13.1
